PATH
  remote: .
  specs:
    gemzinha (0.1.0)
      activesupport (~> 4.2.0)

GEM
  remote: https://rubygems.org/
  specs:
    activesupport (4.2.11.3)
      i18n (~> 0.7)
      minitest (~> 5.1)
      thread_safe (~> 0.3, >= 0.3.4)
      tzinfo (~> 1.1)
    concurrent-ruby (1.2.2)
    diff-lcs (1.5.0)
    ffi (1.15.5)
    heartcheck (2.0.0)
      multi_json (~> 1.0)
      net-telnet (~> 0.1.1)
      rack (~> 2.2)
      sys-uname (~> 1.0, >= 1.0.3)
    i18n (0.9.5)
      concurrent-ruby (~> 1.0)
    minitest (5.17.0)
    multi_json (1.15.0)
    net-telnet (0.1.1)
    rack (2.2.6.3)
    rake (12.3.3)
    rspec (3.12.0)
      rspec-core (~> 3.12.0)
      rspec-expectations (~> 3.12.0)
      rspec-mocks (~> 3.12.0)
    rspec-core (3.12.1)
      rspec-support (~> 3.12.0)
    rspec-expectations (3.12.2)
      diff-lcs (>= 1.2.0, < 2.0)
      rspec-support (~> 3.12.0)
    rspec-mocks (3.12.3)
      diff-lcs (>= 1.2.0, < 2.0)
      rspec-support (~> 3.12.0)
    rspec-support (3.12.0)
    sys-uname (1.2.2)
      ffi (~> 1.1)
    thread_safe (0.3.6)
    tzinfo (1.2.11)
      thread_safe (~> 0.1)

PLATFORMS
  ruby

DEPENDENCIES
  gemzinha!
  heartcheck
  rake (~> 12.0)
  rspec (~> 3.0)

BUNDLED WITH
   2.1.4
